GIT
  remote: https://github.com/coditsu/support-engine.git
  revision: 79e9c1c9f79bf6d4367e4b584d7f8edd067d6671
  specs:
    support_engine (0.1.4)
      activesupport (< 7)
      zeitwerk

PATH
  remote: .
  specs:
    karafka_coditsu (1.0.0)
      airbrake
      karafka (>= 2)

GEM
  remote: https://rubygems.org/
  specs:
    activesupport (6.1.6.1)
      concurrent-ruby (~> 1.0, >= 1.0.2)
      i18n (>= 1.6, < 2)
      minitest (>= 5.1)
      tzinfo (~> 2.0)
      zeitwerk (~> 2.3)
    airbrake (13.0.2)
      airbrake-ruby (~> 6.0)
    airbrake-ruby (6.1.1)
      rbtree3 (~> 0.5)
    concurrent-ruby (1.1.10)
    diff-lcs (1.5.0)
    docile (1.4.0)
    ffi (1.15.5)
    i18n (1.12.0)
      concurrent-ruby (~> 1.0)
    karafka (2.0.4)
      karafka-core (>= 2.0.2, < 3.0.0)
      rdkafka (>= 0.12)
      thor (>= 0.20)
      waterdrop (>= 2.4.1, < 3.0.0)
      zeitwerk (~> 2.3)
    karafka-core (2.0.2)
      concurrent-ruby (>= 1.1)
    mini_portile2 (2.8.0)
    minitest (5.16.3)
    rake (13.0.6)
    rbtree3 (0.7.0)
    rdkafka (0.12.0)
      ffi (~> 1.15)
      mini_portile2 (~> 2.6)
      rake (> 12)
    rspec (3.11.0)
      rspec-core (~> 3.11.0)
      rspec-expectations (~> 3.11.0)
      rspec-mocks (~> 3.11.0)
    rspec-core (3.11.0)
      rspec-support (~> 3.11.0)
    rspec-expectations (3.11.0)
      diff-lcs (>= 1.2.0, < 2.0)
      rspec-support (~> 3.11.0)
    rspec-mocks (3.11.1)
      diff-lcs (>= 1.2.0, < 2.0)
      rspec-support (~> 3.11.0)
    rspec-support (3.11.0)
    simplecov (0.21.2)
      docile (~> 1.1)
      simplecov-html (~> 0.11)
      simplecov_json_formatter (~> 0.1)
    simplecov-html (0.12.3)
    simplecov_json_formatter (0.1.4)
    thor (1.2.1)
    tzinfo (2.0.5)
      concurrent-ruby (~> 1.0)
    waterdrop (2.4.1)
      karafka-core (>= 2.0.2, < 3.0.0)
      rdkafka (>= 0.10)
      zeitwerk (~> 2.3)
    zeitwerk (2.6.0)

PLATFORMS
  arm64-darwin
  x86_64-darwin
  x86_64-linux

DEPENDENCIES
  karafka_coditsu!
  rspec
  simplecov
  support_engine!

BUNDLED WITH
   2.3.20
