GIT
  remote: https://github.com/coditsu/support-engine.git
  revision: 0e40bb3719bc9a91cd961adfc36fb3926f845699
  specs:
    support_engine (0.1.4)
      activesupport (< 7)
      zeitwerk

PATH
  remote: .
  specs:
    karafka_coditsu (1.0.0)
      airbrake
      karafka (>= 2)

GEM
  remote: https://rubygems.org/
  specs:
    activesupport (6.1.7.3)
      concurrent-ruby (~> 1.0, >= 1.0.2)
      i18n (>= 1.6, < 2)
      minitest (>= 5.1)
      tzinfo (~> 2.0)
      zeitwerk (~> 2.3)
    airbrake (13.0.3)
      airbrake-ruby (~> 6.0)
    airbrake-ruby (6.2.1)
      rbtree3 (~> 0.6)
    concurrent-ruby (1.2.2)
    diff-lcs (1.5.0)
    docile (1.4.0)
    ffi (1.15.5)
    i18n (1.14.1)
      concurrent-ruby (~> 1.0)
    karafka (2.1.4)
      karafka-core (>= 2.0.13, < 3.0.0)
      thor (>= 0.20)
      waterdrop (>= 2.5.3, < 3.0.0)
      zeitwerk (~> 2.3)
    karafka-core (2.0.13)
      concurrent-ruby (>= 1.1)
      karafka-rdkafka (>= 0.12.3)
    karafka-rdkafka (0.12.3)
      ffi (~> 1.15)
      mini_portile2 (~> 2.6)
      rake (> 12)
    mini_portile2 (2.8.2)
    minitest (5.18.1)
    rake (13.0.6)
    rbtree3 (0.7.1)
    rspec (3.12.0)
      rspec-core (~> 3.12.0)
      rspec-expectations (~> 3.12.0)
      rspec-mocks (~> 3.12.0)
    rspec-core (3.12.2)
      rspec-support (~> 3.12.0)
    rspec-expectations (3.12.3)
      diff-lcs (>= 1.2.0, < 2.0)
      rspec-support (~> 3.12.0)
    rspec-mocks (3.12.5)
      diff-lcs (>= 1.2.0, < 2.0)
      rspec-support (~> 3.12.0)
    rspec-support (3.12.0)
    simplecov (0.22.0)
      docile (~> 1.1)
      simplecov-html (~> 0.11)
      simplecov_json_formatter (~> 0.1)
    simplecov-html (0.12.3)
    simplecov_json_formatter (0.1.4)
    thor (1.2.2)
    tzinfo (2.0.6)
      concurrent-ruby (~> 1.0)
    waterdrop (2.6.0)
      karafka-core (>= 2.0.13, < 3.0.0)
      zeitwerk (~> 2.3)
    zeitwerk (2.6.8)

PLATFORMS
  arm64-darwin
  x86_64-darwin
  x86_64-linux

DEPENDENCIES
  karafka_coditsu!
  rspec
  simplecov
  support_engine!

BUNDLED WITH
   2.4.14
